GEM
  remote: https://rubygems.org/
  specs:
    addressable (2.8.6)
      public_suffix (>= 2.0.2, < 6.0)
    axiom-types (0.1.1)
      descendants_tracker (>= 0.0.1, < 1.0)
      ice_nine (>= 0.11.0, < 1.0)
      thread_safe (>= 0.3.1, < 1.0)
    bitly (2.0.1)
      httparty (>= 0.13.3)
      json
    coercible (1.0.0)
      descendants_tracker (>= 0.0.1, < 1.0)
    descendants_tracker (0.0.4)
      thread_safe (>= 0.3.1, < 1.0)
    equalizer (0.0.11)
    excon (0.104.0)
    faraday (1.10.3)
      faraday-net_http (>= 1.0, < 2.0)
    faraday-net_http (1.0.1)
    httparty (0.21.0)
      multi_json (>= 1.7.2, < 2)
      multi_xml (>= 0.5.2, < 1)
    ice_nine (0.11.2)
    json (2.7.2)
    jwt (2.7.1)
    mime-types (3.5.1)
      mime-types-data (~> 3.2021)
    mime-types-data (3.2023.0218.1)
    multi_json (1.15.0)
    multi_xml (0.6.0)
    mustermann (1.1.2)
    nio4r (2.7.1)
    oauth2 (1.4.11)
      faraday (>= 0.17.3, < 2)
      jwt (>= 1.0, < 3.0)
      multi_json (~> 1.3)
      rack (>= 1.2, < 3)
    public_suffix (5.0.4)
    puma (5.6.8)
      nio4r (~> 2.0)
    rack (2.2.8)
    rack-protection (2.2.4)
      rack
    redis (4.8.1)
    ruby2_keywords (0.0.5)
    sinatra (2.2.4)
      mustermann (~> 1.0)
      rack (~> 2.2)
      rack-protection (= 2.2.4)
      tilt (~> 2.0)
    telegram_bot (0.0.8)
      virtus (~> 1.0)
    thread_safe (0.3.6)
    tilt (2.3.0)
    uri (0.12.2)
    virtus (1.0.5)
      axiom-types (~> 0.1)
      coercible (~> 1.0)
      descendants_tracker (~> 0.0)
      equalizer (~> 0.0)

PLATFORMS
  x86_64-linux

DEPENDENCIES
  addressable
  bitly
  httparty
  json
  puma
  redis
  sinatra
  telegram_bot
  uri

BUNDLED WITH
   2.4.22
